GEM
  remote: https://rubygems.org/
  specs:
    minitest (3.5.0)
    rake (10.1.0)

PLATFORMS
  ruby

DEPENDENCIES
  minitest
  rake
